GEM
  remote: https://rubygems.org/
  specs:
    backbone-support (0.2.0)
    daemons (1.1.8)
    ejs (1.1.0)
    eventmachine (0.12.10)
    haml (3.1.6)
    json (1.7.3)
    pg (0.13.2)
    rack (1.4.1)
    rack-protection (1.2.0)
      rack
    sass (3.1.19)
    sinatra (1.3.2)
      rack (~> 1.3, >= 1.3.6)
      rack-protection (~> 1.2)
      tilt (~> 1.3, >= 1.3.3)
    thin (1.3.1)
      daemons (>= 1.0.9)
      eventmachine (>= 0.12.6)
      rack (>= 1.0.0)
    tilt (1.3.3)

PLATFORMS
  ruby

DEPENDENCIES
  backbone-support
  ejs
  haml
  json
  pg
  sass
  sinatra
  thin
